GEM
  remote: https://rubygems.org/
  specs:
    foreman (0.87.2)

PLATFORMS
  ruby
  x86_64-darwin-20

DEPENDENCIES
  foreman (~> 0.87.2)

BUNDLED WITH
   2.2.11
